PATH
  remote: .
  specs:
    geo_mex (0.1a)
      mini_cache (~> 1.1)
      sqlite3 (~> 1.4, >= 1.4.2)

GEM
  remote: https://rubygems.org/
  specs:
    ast (2.4.0)
    coderay (1.1.2)
    diff-lcs (1.3)
    fastcsv (0.0.6)
    jaro_winkler (1.5.4)
    method_source (0.9.2)
    mini_cache (1.1.0)
    parallel (1.19.1)
    parser (2.6.5.0)
      ast (~> 2.4.0)
    pry (0.12.2)
      coderay (~> 1.1.0)
      method_source (~> 0.9.0)
    rainbow (3.0.0)
    rake (12.3.3)
    rspec (3.9.0)
      rspec-core (~> 3.9.0)
      rspec-expectations (~> 3.9.0)
      rspec-mocks (~> 3.9.0)
    rspec-core (3.9.0)
      rspec-support (~> 3.9.0)
    rspec-expectations (3.9.0)
      diff-lcs (>= 1.2.0, < 2.0)
      rspec-support (~> 3.9.0)
    rspec-mocks (3.9.0)
      diff-lcs (>= 1.2.0, < 2.0)
      rspec-support (~> 3.9.0)
    rspec-support (3.9.0)
    rubocop (0.78.0)
      jaro_winkler (~> 1.5.1)
      parallel (~> 1.10)
      parser (>= 2.6)
      rainbow (>= 2.2.2, < 4.0)
      ruby-progressbar (~> 1.7)
      unicode-display_width (>= 1.4.0, < 1.7)
    ruby-progressbar (1.10.1)
    sqlite3 (1.4.2)
    unicode-display_width (1.6.0)

PLATFORMS
  ruby

DEPENDENCIES
  fastcsv (~> 0.0.6)
  geo_mex!
  pry (~> 0.12.2)
  rake (~> 12.0)
  rspec (~> 3.0)
  rubocop (~> 0.78.0)

BUNDLED WITH
   2.1.2
